GIT
  remote: git://github.com/wazery/rack-jekyll.git
  revision: faa92a9acbf9d4b47e281dfabdb9f02ce0f24d2b
  branch: patch-2
  specs:
    rack-jekyll (0.3.5)
      jekyll (~> 0.6.2)
      rack (~> 1.2.1)

GEM
  remote: https://rubygems.org/
  specs:
    classifier (1.3.4)
      fast-stemmer (>= 1.0.0)
    directory_watcher (1.5.1)
    fast-stemmer (1.0.2)
    jekyll (0.6.2)
      classifier (>= 1.3.1)
      directory_watcher (>= 1.1.1)
      liquid (>= 1.9.0)
      maruku (>= 0.5.9)
    liquid (3.0.1)
    maruku (0.7.2)
    rack (1.2.8)

PLATFORMS
  ruby

DEPENDENCIES
  bundler
  jekyll
  rack
  rack-jekyll!
